GEM
  remote: https://rubygems.org/
  specs:
    faker (1.6.6)
      i18n (~> 0.5)
    gnuplot (2.6.2)
    i18n (0.7.0)
    pkg-config (1.5.5)
    rmagick (5.3.0)
      pkg-config (~> 1.4)

PLATFORMS
  ruby

DEPENDENCIES
  faker (~> 1.6)
  gnuplot
  rmagick

BUNDLED WITH
   1.13.1
