GEM
  remote: https://rubygems.org/
  specs:
    concurrent-ruby (1.1.10)
    faker (1.6.6)
      i18n (~> 0.5)
    gnuplot (2.6.2)
    i18n (0.9.5)
      concurrent-ruby (~> 1.0)
    rmagick (2.13.4)

PLATFORMS
  ruby

DEPENDENCIES
  faker (~> 1.6)
  gnuplot
  rmagick

BUNDLED WITH
   1.13.1
